ObjectType = Image
NDims = 4
BinaryData = True
BinaryDataByteOrderMSB = False
CompressedData = False
TransformMatrix = 1 0 0 0 0 1 0 0 0 0 1 0 0 0 0 1
Offset = -50.994999999000015 -134.99499999900002 -51.999999999000011 0
CenterOfRotation = 0 0 0 0
ElementSpacing = 2 2 2 1
DimSize = 50 134 50 250
HistoMin = 0
HistoMax = 10
AnatomicalOrientation = ????
ElementType = MET_FLOAT
ElementDataFile = source_vpg_patient_proton2dary.raw
